GEM
  remote: http://rubygems.org/
  specs:
    activesupport (3.0.6)
    builder (3.0.0)
    columnize (0.3.2)
    diff-lcs (1.1.2)
    linecache (0.43)
    rally_rest_api (1.0.3)
    rcov (0.9.9)
    rspec (2.5.0)
      rspec-core (~> 2.5.0)
      rspec-expectations (~> 2.5.0)
      rspec-mocks (~> 2.5.0)
    rspec-core (2.5.1)
    rspec-expectations (2.5.0)
      diff-lcs (~> 1.1.2)
    rspec-mocks (2.5.0)
    ruby-debug (0.10.4)
      columnize (>= 0.1)
      ruby-debug-base (~> 0.10.4.0)
    ruby-debug-base (0.10.4)
      linecache (>= 0.3)

PLATFORMS
  ruby

DEPENDENCIES
  activesupport
  builder
  rally_rest_api
  rcov
  rspec
  ruby-debug
